GIT
  remote: git://github.com/salama/salama.git
  revision: e669489419948d5fe092a9ef26d7df68e19aaafa
  specs:
    salama (0.2.0)
      salama-object-file (~> 0.2)
      salama-reader (~> 0.2)

GEM
  remote: http://rubygems.org/
  specs:
    ast (2.1.0)
    blankslate (3.1.3)
    codeclimate-test-reporter (0.4.8)
      simplecov (>= 0.7.1, < 1.0.0)
    docile (1.1.5)
    json (1.8.3)
    minitest (5.8.1)
    parslet (1.7.1)
      blankslate (>= 2.0, <= 4.0)
    rubygems-tasks (0.2.4)
    salama-object-file (0.3.0)
    salama-reader (0.3.0)
      ast (~> 2.1.0)
      parslet (~> 1.7.0)
    simplecov (0.10.0)
      docile (~> 1.1.0)
      json (~> 1.8)
      simplecov-html (~> 0.10.0)
    simplecov-html (0.10.0)

PLATFORMS
  ruby

DEPENDENCIES
  codeclimate-test-reporter
  minitest
  rubygems-tasks
  salama!

BUNDLED WITH
   1.10.6
