GIT
  remote: git://github.com/salama/salama.git
  revision: bae476657ab9a377baf7c326321a0ba22a5be7e6
  specs:
    salama (0.2.0)
      salama-object-file (~> 0.2)
      salama-reader (~> 0.2)

GEM
  remote: http://rubygems.org/
  specs:
    blankslate (3.1.3)
    minitest (5.3.5)
    parslet (1.7.0)
      blankslate (>= 2.0, <= 4.0)
    roodi (4.0.0)
      ruby_parser (~> 3.2, >= 3.2.2)
    ruby_parser (3.6.1)
      sexp_processor (~> 4.1)
    salama-object-file (0.2.0)
    salama-reader (0.2.0)
      parslet (~> 1.7.0)
    sexp_processor (4.4.3)

PLATFORMS
  ruby

DEPENDENCIES
  minitest
  roodi
  salama!
